PATH
  remote: .
  specs:
    xn.rb (0.1.0)
      highline

GEM
  remote: http://rubygems.org/
  specs:
    highline (1.6.19)

PLATFORMS
  java
  ruby

DEPENDENCIES
  xn.rb!
