PATH
  remote: .
  specs:
    xn.rb (0.0.2)
      highline

GEM
  remote: http://rubygems.org/
  specs:
    highline (1.6.15)

PLATFORMS
  java
  ruby

DEPENDENCIES
  xn.rb!
