PATH
  remote: .
  specs:
    xn.rb (0.0.1)

GEM
  remote: http://rubygems.org/
  specs:
    ZenTest (4.8.1)
    autotest (4.4.6)
      ZenTest (>= 4.4.1)
    autotest-growl (0.2.16)
    awesome_print (0.4.0)
    diff-lcs (1.1.3)
    multi_json (1.3.6)
    rspec (2.10.0)
      rspec-core (~> 2.10.0)
      rspec-expectations (~> 2.10.0)
      rspec-mocks (~> 2.10.0)
    rspec-core (2.10.1)
    rspec-expectations (2.10.0)
      diff-lcs (~> 1.1.3)
    rspec-mocks (2.10.1)
    simplecov (0.6.4)
      multi_json (~> 1.0)
      simplecov-html (~> 0.5.3)
    simplecov-html (0.5.3)

PLATFORMS
  java
  ruby

DEPENDENCIES
  autotest
  autotest-growl
  awesome_print (= 0.4.0)
  rspec
  simplecov
  xn.rb!
